GEM
  remote: http://rubygems.org/
  specs:
    clamp (0.6.3)
    mini_portile (0.6.1)
    nokogiri (1.6.5)
      mini_portile (~> 0.6.0)

PLATFORMS
  ruby

DEPENDENCIES
  clamp
  nokogiri
